GIT
  remote: http://github.com/cucumber/aruba.git
  revision: 5ae1ba967deaa904b275197d7f1236e783d72b65
  specs:
    aruba (0.6.2)
      childprocess (>= 0.3.6)
      cucumber (>= 1.1.1)
      rspec-expectations (>= 2.7.0)

GEM
  remote: https://rubygems.org/
  specs:
    builder (3.2.2)
    childprocess (0.5.3)
      ffi (~> 1.0, >= 1.0.11)
    cucumber (1.3.19)
      builder (>= 2.1.2)
      diff-lcs (>= 1.1.3)
      gherkin (~> 2.12)
      multi_json (>= 1.7.5, < 2.0)
      multi_test (>= 0.1.2)
    diff-lcs (1.2.5)
    ffi (1.9.6)
    ffi (1.9.6-x86-mingw32)
    gherkin (2.12.2)
      multi_json (~> 1.3)
    gherkin (2.12.2-x86-mingw32)
      multi_json (~> 1.3)
    multi_json (1.11.0)
    multi_test (0.1.2)
    rspec-expectations (3.2.0)
      diff-lcs (>= 1.2.0, < 2.0)
      rspec-support (~> 3.2.0)
    rspec-support (3.2.2)

PLATFORMS
  ruby
  x86-mingw32

DEPENDENCIES
  aruba!
  cucumber

BUNDLED WITH
   1.10.3
